GIT
  remote: git@github.com:bhaberer/cinch-radiomega.git
  revision: 21208ce206c79498c15d2998966edfa15f2381bc
  specs:
    cinch-radiomega (0.0.9)
      cinch (~> 2)
      cinch-toolbox (~> 1.1)
      jist (~> 1.5)

GIT
  remote: git@github.com:bhaberer/cinch-twitch.git
  revision: 3e61c00eadd8a242806880527fb4f19c93163706
  specs:
    cinch-twitch (0.0.3)
      cinch (~> 2)
      time-lord (~> 1.0, >= 1.0.1)
      twitch (~> 0.0, >= 0.0.2)

GEM
  remote: http://rubygems.org/
  specs:
    cinch (2.0.12)
    cinch-cooldown (1.1.7)
      cinch (~> 2)
      time-lord (~> 1.0, >= 1.0.1)
    cinch-hangouts (1.1.2)
      cinch (~> 2.0)
      cinch-cooldown (~> 1.1.7)
      cinch-storage (~> 1.2)
      cinch-toolbox (~> 1.1)
      time-lord (~> 1.0, >= 1.0.1)
    cinch-logger-canonical (0.0.1)
    cinch-notes (1.0.4)
      cinch (~> 2)
      cinch-storage (~> 1.1)
    cinch-seen (1.0.5)
      cinch (~> 2)
      cinch-cooldown (~> 1.1, >= 1.1.1)
      cinch-storage (~> 1.1)
      cinch-toolbox (~> 1.1)
    cinch-storage (1.2.0)
      cinch (~> 2, >= 2.0.8)
      psych (~> 2.0, >= 2.0.4)
    cinch-toolbox (1.1.6)
      nokogiri (~> 1.6)
    httparty (0.14.0)
      multi_xml (>= 0.5.2)
    jist (1.5.1)
      json
    json (2.0.2)
    mini_portile2 (2.1.0)
    multi_xml (0.5.5)
    nokogiri (1.6.8)
      mini_portile2 (~> 2.1.0)
      pkg-config (~> 1.1.7)
    pkg-config (1.1.7)
    psych (2.1.0)
    time-lord (1.0.1)
    twitch (0.1.3)
      httparty
      json

PLATFORMS
  ruby

DEPENDENCIES
  cinch (~> 2.0.12)
  cinch-cooldown
  cinch-hangouts (~> 1.1.2)
  cinch-logger-canonical (~> 0.0.1)
  cinch-notes (~> 1.0.3)
  cinch-radiomega!
  cinch-seen (~> 1.0.3)
  cinch-twitch!
